
type = string-attribute
name = HISTORY_NOTE
count = 402
'[yuval@meg: Tue Nov 30 14:32:10 2010] Dataset Copy {Input: Dataset=./colin_1mm.hdr+orig.HEAD} {Output: Prefix=colin}\n[yuval@meg: Wed Dec  1 10:13:14 2010] 3drefit -markers colin+orig\n[yuval@meg: Wed Dec  1 10:43:44 2010] afni: transformed to AC-PC Aligned\n[yuval@meg: Wed Dec  1 10:54:20 2010] afni: transformed to Talairach View\n[yuval@meg: Wed Dec  1 13:26:26 2010] AFNI: resampled and rewritten~

type = string-attribute
name = TYPESTRING
count = 15
'3DIM_HEAD_ANAT~

type = string-attribute
name = IDCODE_STRING
count = 27
'XYZ_UKz-u5qB99iE6wtU_FTUnw~

type = string-attribute
name = IDCODE_DATE
count = 25
'Wed Dec  1 10:54:20 2010~

type = string-attribute
name = IDCODE_ANAT_PARENT
count = 27
'XYZ_UKz-u5qB99iE6wtU_FTUnw~

type = string-attribute
name = IDCODE_WARP_PARENT
count = 27
'XYZ_DYGYwZI3T-y5XWFJCKZ2Zg~

type = integer-attribute
name = SCENE_DATA
count = 8
 2 11 0 -999 -999
 -999 -999 -999

type = string-attribute
name = LABEL_1
count = 6
'colin~

type = string-attribute
name = LABEL_2
count = 5
'zyxt~

type = string-attribute
name = DATASET_NAME
count = 34
'zyxt+AC-PC Aligned+Talairach View~


type = integer-attribute
name = ORIENT_SPECIFIC
count = 3
 0 3 4

type  = float-attribute
name  = ORIGIN
count = 3
            -80            -80            -65

type  = float-attribute
name  = DELTA
count = 3
              1              1              1

type  = float-attribute
name  = IJK_TO_DICOM
count = 12
              1              0              0            -80              0
              1              0            -80              0              0
              1            -65

type  = float-attribute
name  = IJK_TO_DICOM_REAL
count = 12
              1              0              0            -80              0
              1              0            -80              0              0
              1            -65

type = integer-attribute
name = WARP_TYPE
count = 8
 1 0 -999 -999 -999
 -999 -999 -999

type  = float-attribute
name  = WARP_DATA
count = 360
      0.9444445              0              0              0       1.028756
     0.03674128              0    -0.03107263      0.8700335       1.058823
             -0              0              0      0.9708096    -0.04099703
             -0     0.03467177       1.147917     -0.9444445       -4.29873
       -2.48581              1       4.071337       3.002548          -9999
          -9999              0              0              0         9999.9
      0.9444445              0              0              0       1.028756
     0.03674128              0    -0.03107263      0.8700335       1.058823
             -0              0              0      0.9708096    -0.04099703
             -0     0.03467177       1.147917     -0.9444445       -4.29873
       -2.48581              1       4.071337       3.002548              0
          -9999              0         9999.9              0         9999.9
      0.9444445              0              0              0      0.8182974
     0.02922491              0    -0.03107263      0.8700335       1.058823
             -0              0              0       1.220493    -0.04099703
             -0     0.04358903       1.147917     -0.9444445      -3.419314
       -2.48581      0.9999999       4.071337       3.002548          -9999
              0              0              0             23         9999.9
      0.9444445              0              0              0      0.8182974
     0.02922491              0    -0.03107263      0.8700335       1.058823
             -0              0              0       1.220493    -0.04099703
             -0     0.04358903       1.147917     -0.9444445      -3.419314
       -2.48581      0.9999999       4.071337       3.002548              0
              0              0         9999.9             23         9999.9
      0.9444445              0              0              0      0.9638497
      0.0344232              0    -0.03107263      0.8700335       1.058823
             -0              0              0       1.036185    -0.04099703
             -0     0.03700659       1.147917     -0.9444445      0.0635438
       -2.48581              1     -0.1677539       2.851152          -9999
             23              0              0           9999         9999.9
      0.9444445              0              0              0      0.9638497
      0.0344232              0    -0.03107263      0.8700335       1.058823
             -0              0              0       1.036185    -0.04099703
             -0     0.03700659       1.147917     -0.9444445      0.0635438
       -2.48581              1     -0.1677539       2.851152              0
             23              0         9999.9           9999         9999.9
      0.9444445              0              0              0       1.028756
     0.03674128              0    -0.03059274      0.8565967       1.058823
             -0              0              0      0.9708095    -0.04164012
             -0     0.03467177       1.165923     -0.9444445       -4.29873
      -2.447419              1       4.071337       3.002548          -9999
          -9999          -9999              0              0              0
      0.9444445              0              0              0       1.028756
     0.03674128              0    -0.03059274      0.8565967       1.058823
             -0              0              0      0.9708095    -0.04164012
             -0     0.03467177       1.165923     -0.9444445       -4.29873
      -2.447419              1       4.071337       3.002548              0
          -9999          -9999         9999.9              0              0
      0.9444445              0              0              0      0.8182974
     0.02922491              0    -0.03059274      0.8565967       1.058823
             -0              0              0       1.220493    -0.04164012
             -0     0.04358903       1.165923     -0.9444445      -3.419314
      -2.447419              1       4.071337       3.002548          -9999
              0          -9999              0             23              0
      0.9444445              0              0              0      0.8182974
     0.02922491              0    -0.03059274      0.8565967       1.058823
             -0              0              0       1.220493    -0.04164012
             -0     0.04358903       1.165923     -0.9444445      -3.419314
      -2.447419              1       4.071337       3.002548              0
              0          -9999         9999.9             23              0
      0.9444445              0              0              0      0.9638497
      0.0344232              0    -0.03059274      0.8565967       1.058823
             -0              0              0       1.036184    -0.04164011
             -0     0.03700659       1.165923     -0.9444445      0.0635438
      -2.447419      0.9999999     -0.1677539       2.851151          -9999
             23          -9999              0           9999              0
      0.9444445              0              0              0      0.9638497
      0.0344232              0    -0.03059274      0.8565967       1.058823
             -0              0              0       1.036184    -0.04164011
             -0     0.03700659       1.165923     -0.9444445      0.0635438
      -2.447419      0.9999999     -0.1677539       2.851151              0
             23          -9999         9999.9           9999              0

type  = float-attribute
name  = BRICK_STATS
count = 2
              0         791972

type = integer-attribute
name = DATASET_RANK
count = 8
 3 1 0 0 0
 0 0 0

type = integer-attribute
name = DATASET_DIMENSIONS
count = 5
 161 191 151 0 0

type = integer-attribute
name = BRICK_TYPES
count = 1
 3

type  = float-attribute
name  = BRICK_FLOAT_FACS
count = 1
              0

type = string-attribute
name = BRICK_LABS
count = 3
'#0~

type = string-attribute
name = BRICK_KEYWORDS
count = 1
'~

type = string-attribute
name = BYTEORDER_STRING
count = 10
'LSB_FIRST~
